{
    "AcquisitionMatrixPE": 72,
    "AcquisitionNumber": 1,
    "AcquisitionTime": "09:16:49.095000",
    "BandwidthPerPixelPhaseEncode": 27.233,
    "BaseResolution": 72,
    "CoilString": "c:HEA;HEP",
    "ConversionSoftware": "dcm2niix",
    "ConversionSoftwareVersion": "v1.0.20200331",
    "Dcm2bidsVersion": "2.1.4",
    "DerivedVendorReportedEchoSpacing": 0.000510002,
    "DeviceSerialNumber": "35409",
    "DwellTime": 3.1e-06,
    "EchoTime": 0.03,
    "EffectiveEchoSpacing": 0.000510002,
    "FlipAngle": 80,
    "ImageOrientationPatientDICOM": [
        1,
        0,
        0,
        0,
        0.998441,
        -0.0558215
    ],
    "ImageType": [
        "ORIGINAL",
        "PRIMARY",
        "M",
        "ND",
        "MOSAIC"
    ],
    "ImagingFrequency": 123.263,
    "InPlanePhaseEncodingDirectionDICOM": "COL",
    "InstitutionAddress": "Tian_Sheng_2_Chong_Qing_681FC3_Chong_Qing_CN_400715",
    "InstitutionName": "Chong_Qing_Southwest_Normal_University_Hospital",
    "InstitutionalDepartmentName": "Department",
    "MRAcquisitionType": "2D",
    "MagneticFieldStrength": 3,
    "Manufacturer": "Siemens",
    "ManufacturersModelName": "TrioTim",
    "Modality": "MR",
    "PartialFourier": 1,
    "PatientPosition": "HFS",
    "PercentPhaseFOV": 100,
    "PercentSampling": 100,
    "PhaseEncodingDirection": "j-",
    "PhaseEncodingSteps": 72,
    "PhaseResolution": 1,
    "PixelBandwidth": 2240,
    "ProcedureStepDescription": "SWU-fMRI_Zuo_Xinain",
    "ProtocolName": "rest1",
    "PulseSequenceDetails": "%SiemensSeq%_ep2d_pace",
    "ReceiveCoilName": "HeadMatrix",
    "ReconMatrixPE": 72,
    "RepetitionTime": 2.5,
    "SAR": 0.140356,
    "ScanOptions": "FS",
    "ScanningSequence": "EP",
    "SequenceName": "_epfid2d1_72",
    "SequenceVariant": "SK",
    "SeriesDescription": "rest1",
    "SeriesNumber": 2,
    "ShimSetting": [
        4806,
        -2186,
        -10318,
        775,
        625,
        183,
        -731,
        129
    ],
    "SliceThickness": 3,
    "SliceTiming": [
        1.245,
        0,
        1.31,
        0.065,
        1.375,
        0.13,
        1.44,
        0.195,
        1.505,
        0.26,
        1.5725,
        0.3275,
        1.6375,
        0.3925,
        1.7025,
        0.4575,
        1.7675,
        0.5225,
        1.8325,
        0.59,
        1.9,
        0.655,
        1.965,
        0.72,
        2.03,
        0.785,
        2.095,
        0.85,
        2.16,
        0.9175,
        2.2275,
        0.9825,
        2.2925,
        1.0475,
        2.3575,
        1.1125,
        2.4225,
        1.1775
    ],
    "SoftwareVersions": "syngo_MR_B17",
    "SpacingBetweenSlices": 3.33,
    "StationName": "MRC35409",
    "TaskName": "rest",
    "TotalReadoutTime": 0.0362102,
    "TxRefAmp": 279.49,
    "Obliquity": "True",
    "VoxelSizeDim1": 3.0,
    "VoxelSizeDim3": 3.330000162124634,
    "VoxelSizeDim2": 3.0,
    "Dim1Size": 72,
    "Dim2Size": 72,
    "Dim3Size": 38,
    "NumVolumes": 184,
    "ImageOrientation": "LAS+"
}