{
    "AcquisitionMatrixPE": 256,
    "AcquisitionNumber": 1,
    "AcquisitionTime": "12:13:32.257500",
    "BaseResolution": 256,
    "CoilString": "C:HEA;HEP",
    "ConversionSoftware": "dcm2niix",
    "ConversionSoftwareVersion": "v1.0.20200331",
    "Dcm2bidsVersion": "2.1.4",
    "DeviceSerialNumber": "35409",
    "DwellTime": 1.5e-05,
    "EchoTime": 0.00302,
    "FlipAngle": 8,
    "ImageOrientationPatientDICOM": [
        0,
        1,
        0,
        0.0174524,
        0,
        -0.999848
    ],
    "ImageType": [
        "ORIGINAL",
        "PRIMARY",
        "M",
        "ND"
    ],
    "ImagingFrequency": 123.263,
    "InPlanePhaseEncodingDirectionDICOM": "ROW",
    "InstitutionAddress": "Tian_Sheng_2_Chong_Qing_681FC3_Chong_Qing_CN_400715",
    "InstitutionName": "Chong_Qing_Southwest_Normal_University_Hospital",
    "InstitutionalDepartmentName": "Department",
    "InversionTime": 0.9,
    "MRAcquisitionType": "3D",
    "MagneticFieldStrength": 3,
    "Manufacturer": "Siemens",
    "ManufacturersModelName": "TrioTim",
    "Modality": "MR",
    "PartialFourier": 0.75,
    "PatientPosition": "HFS",
    "PercentPhaseFOV": 100,
    "PercentSampling": 100,
    "PhaseEncodingSteps": 192,
    "PhaseResolution": 1,
    "PixelBandwidth": 130,
    "ProcedureStepDescription": "SWU-fMRI_Zuo_Xinain",
    "ProtocolName": "t1_mprage_sag_p2_iso_2",
    "PulseSequenceDetails": "%SiemensSeq%_tfl",
    "ReceiveCoilName": "HeadMatrix",
    "ReconMatrixPE": 256,
    "RepetitionTime": 2.6,
    "SAR": 0.098711,
    "ScanOptions": "IR_PFP",
    "ScanningSequence": "GR_IR",
    "SequenceName": "_tfl3d1_ns",
    "SequenceVariant": "SP_MP",
    "SeriesDescription": "t1_mprage_sag_p2_iso_2",
    "SeriesNumber": 3,
    "ShimSetting": [
        4884,
        -2306,
        -10412,
        592,
        390,
        -225,
        77,
        -42
    ],
    "SliceThickness": 1,
    "SoftwareVersions": "syngo_MR_B17",
    "StationName": "MRC35409",
    "TxRefAmp": 290.735,
    "Obliquity": "True",
    "VoxelSizeDim1": 0.9999997615814209,
    "VoxelSizeDim3": 1.0,
    "VoxelSizeDim2": 1.0,
    "Dim1Size": 176,
    "Dim2Size": 256,
    "Dim3Size": 256,
    "NumVolumes": 1.0,
    "ImageOrientation": "RAS+"
}