{
    "Modality": "MR", 
    "MagneticFieldStrength": 3, 
    "ImagingFrequency": 123.263, 
    "Manufacturer": "Siemens", 
    "ManufacturersModelName": "TrioTim", 
    "InstitutionName": "Chong_Qing_Southwest_Normal_University_Hospital", 
    "InstitutionalDepartmentName": "Department", 
    "InstitutionAddress": "Tian_Sheng_2_Chong_Qing_681FC3_Chong_Qing_CN_400715", 
    "DeviceSerialNumber": "35409", 
    "StationName": "MRC35409", 
    "PatientPosition": "HFS", 
    "ProcedureStepDescription": "SWU-fMRI_Zuo_Xinain", 
    "SoftwareVersions": "syngo_MR_B17", 
    "MRAcquisitionType": "3D", 
    "SeriesDescription": "t1_mprage_sag_p2_iso_2", 
    "ProtocolName": "t1_mprage_sag_p2_iso_2", 
    "ScanningSequence": "GR_IR", 
    "SequenceVariant": "SP_MP", 
    "ScanOptions": "IR_PFP", 
    "SequenceName": "_tfl3d1_ns", 
    "ImageType": [
        "ORIGINAL", 
        "PRIMARY", 
        "M", 
        "ND"
    ], 
    "SeriesNumber": 5, 
    "AcquisitionTime": "10:52:30.157500", 
    "AcquisitionNumber": 1, 
    "SliceThickness": 1, 
    "SAR": 0.0847487, 
    "EchoTime": 0.00302, 
    "RepetitionTime": 2.6, 
    "InversionTime": 0.9, 
    "FlipAngle": 8, 
    "PartialFourier": 0.75, 
    "BaseResolution": 256, 
    "ShimSetting": [
        4807, 
        -2313, 
        -10370, 
        458, 
        516, 
        -456, 
        -496, 
        87
    ], 
    "TxRefAmp": 296.112, 
    "PhaseResolution": 1, 
    "ReceiveCoilName": "HeadMatrix", 
    "CoilString": "C:HEA;HEP", 
    "PulseSequenceDetails": "%SiemensSeq%_tfl", 
    "PercentPhaseFOV": 100, 
    "PercentSampling": 100, 
    "PhaseEncodingSteps": 192, 
    "AcquisitionMatrixPE": 256, 
    "ReconMatrixPE": 256, 
    "PixelBandwidth": 130, 
    "DwellTime": 1.5e-05, 
    "ImageOrientationPatientDICOM": [
        -0.0627906, 
        0.998027, 
        -3.44765e-09, 
        -0.0209011, 
        -0.00131499, 
        -0.999781
    ], 
    "InPlanePhaseEncodingDirectionDICOM": "ROW", 
    "ConversionSoftware": "dcm2niix", 
    "ConversionSoftwareVersion": "v1.0.20200331", 
    "Dcm2bidsVersion": "2.1.4"
}