{
    "Modality": "MR",
    "MagneticFieldStrength": 3,
    "ImagingFrequency": 123.263,
    "Manufacturer": "Siemens",
    "ManufacturersModelName": "TrioTim",
    "InstitutionName": "Chong_Qing_Southwest_Normal_University_Hospital",
    "InstitutionalDepartmentName": "Department",
    "InstitutionAddress": "Tian_Sheng_2_Chong_Qing_681FC3_Chong_Qing_CN_400715",
    "DeviceSerialNumber": "35409",
    "StationName": "MRC35409",
    "PatientPosition": "HFS",
    "ProcedureStepDescription": "SWU-fMRI_Zuo_Xinain",
    "SoftwareVersions": "syngo_MR_B17",
    "MRAcquisitionType": "3D",
    "SeriesDescription": "t1_mprage_sag_p2_iso_2",
    "ProtocolName": "t1_mprage_sag_p2_iso_2",
    "ScanningSequence": "GR_IR",
    "SequenceVariant": "SP_MP",
    "ScanOptions": "IR_PFP",
    "SequenceName": "_tfl3d1_ns",
    "ImageType": [
        "ORIGINAL",
        "PRIMARY",
        "M",
        "ND"
    ],
    "SeriesNumber": 3,
    "AcquisitionTime": "11:17:19.707500",
    "AcquisitionNumber": 1,
    "SliceThickness": 1,
    "SAR": 0.0880569,
    "EchoTime": 0.00302,
    "RepetitionTime": 2.6,
    "InversionTime": 0.9,
    "FlipAngle": 8,
    "PartialFourier": 0.75,
    "BaseResolution": 256,
    "ShimSetting": [
        4868,
        -2219,
        -10364,
        569,
        562,
        -159,
        -573,
        50
    ],
    "TxRefAmp": 283.315,
    "PhaseResolution": 1,
    "ReceiveCoilName": "HeadMatrix",
    "CoilString": "C:HEA;HEP",
    "PulseSequenceDetails": "%SiemensSeq%_tfl",
    "PercentPhaseFOV": 100,
    "PercentSampling": 100,
    "PhaseEncodingSteps": 192,
    "AcquisitionMatrixPE": 256,
    "ReconMatrixPE": 256,
    "PixelBandwidth": 130,
    "DwellTime": 1.5e-05,
    "ImageOrientationPatientDICOM": [
        0.0418757,
        0.999123,
        -1.02902e-08,
        0.0783903,
        -0.00328554,
        -0.996917
    ],
    "InPlanePhaseEncodingDirectionDICOM": "ROW",
    "ConversionSoftware": "dcm2niix",
    "ConversionSoftwareVersion": "v1.0.20200331",
    "Dcm2bidsVersion": "2.1.4",
    "Obliquity": "True",
    "VoxelSizeDim1": 0.9999976754188538,
    "VoxelSizeDim3": 1.0,
    "VoxelSizeDim2": 0.9999999403953552,
    "Dim1Size": 176,
    "Dim2Size": 256,
    "Dim3Size": 256,
    "NumVolumes": 1.0,
    "ImageOrientation": "RAS+"
}