{
    "AcquisitionMatrixPE": 72,
    "AcquisitionNumber": 1,
    "AcquisitionTime": "12:02:25.135000",
    "BandwidthPerPixelPhaseEncode": 27.233,
    "BaseResolution": 72,
    "CoilString": "c:HEA;HEP",
    "ConversionSoftware": "dcm2niix",
    "ConversionSoftwareVersion": "v1.0.20200331",
    "Dcm2bidsVersion": "2.1.4",
    "DerivedVendorReportedEchoSpacing": 0.000510002,
    "DeviceSerialNumber": "35409",
    "DwellTime": 3.1e-06,
    "EchoTime": 0.03,
    "EffectiveEchoSpacing": 0.000510002,
    "FlipAngle": 80,
    "ImageOrientationPatientDICOM": [
        1,
        0,
        0,
        0,
        0.998537,
        0.0540788
    ],
    "ImageType": [
        "ORIGINAL",
        "PRIMARY",
        "M",
        "ND",
        "MOSAIC"
    ],
    "ImagingFrequency": 123.263,
    "InPlanePhaseEncodingDirectionDICOM": "COL",
    "InstitutionAddress": "Tian_Sheng_2_Chong_Qing_681FC3_Chong_Qing_CN_400715",
    "InstitutionName": "Chong_Qing_Southwest_Normal_University_Hospital",
    "InstitutionalDepartmentName": "Department",
    "MRAcquisitionType": "2D",
    "MagneticFieldStrength": 3,
    "Manufacturer": "Siemens",
    "ManufacturersModelName": "TrioTim",
    "Modality": "MR",
    "PartialFourier": 1,
    "PatientPosition": "HFS",
    "PercentPhaseFOV": 100,
    "PercentSampling": 100,
    "PhaseEncodingDirection": "j-",
    "PhaseEncodingSteps": 72,
    "PhaseResolution": 1,
    "PixelBandwidth": 2240,
    "ProcedureStepDescription": "SWU-fMRI_Zuo_Xinain",
    "ProtocolName": "rest1",
    "PulseSequenceDetails": "%SiemensSeq%_ep2d_pace",
    "ReceiveCoilName": "HeadMatrix",
    "ReconMatrixPE": 72,
    "RepetitionTime": 2.5,
    "SAR": 0.195086,
    "ScanOptions": "FS",
    "ScanningSequence": "EP",
    "SequenceName": "_epfid2d1_72",
    "SequenceVariant": "SK",
    "SeriesDescription": "rest1",
    "SeriesNumber": 2,
    "ShimSetting": [
        4730,
        -2290,
        -10321,
        824,
        516,
        51,
        -164,
        367
    ],
    "SliceThickness": 3,
    "SliceTiming": [
        1.245,
        0,
        1.31,
        0.065,
        1.3775,
        0.1325,
        1.4425,
        0.1975,
        1.5075,
        0.2625,
        1.5725,
        0.3275,
        1.6375,
        0.3925,
        1.705,
        0.46,
        1.77,
        0.525,
        1.835,
        0.59,
        1.9,
        0.655,
        1.965,
        0.72,
        2.0325,
        0.7875,
        2.0975,
        0.8525,
        2.1625,
        0.9175,
        2.2275,
        0.9825,
        2.2925,
        1.05,
        2.36,
        1.115,
        2.425,
        1.18
    ],
    "SoftwareVersions": "syngo_MR_B17",
    "SpacingBetweenSlices": 3.33,
    "StationName": "MRC35409",
    "TaskName": "rest",
    "TotalReadoutTime": 0.0362102,
    "TxRefAmp": 298.463,
    "Obliquity": "True",
    "VoxelSizeDim1": 3.0,
    "VoxelSizeDim3": 3.330000162124634,
    "VoxelSizeDim2": 3.0,
    "Dim1Size": 72,
    "Dim2Size": 72,
    "Dim3Size": 38,
    "NumVolumes": 184
}